PATH
  remote: .
  specs:
    rnote (0.0.6)
      evernote-thrift
      evernote_oauth
      gli (= 2.5.4)
      highline
      mechanize
      nokogiri

GEM
  remote: https://rubygems.org/
  specs:
    ansi (1.4.3)
    aruba (0.5.1)
      childprocess (~> 0.3.6)
      cucumber (>= 1.1.1)
      rspec-expectations (>= 2.7.0)
    builder (3.2.0)
    childprocess (0.3.9)
      ffi (~> 1.0, >= 1.0.11)
    cucumber (1.2.3)
      builder (>= 2.1.2)
      diff-lcs (>= 1.1.3)
      gherkin (~> 2.11.6)
      multi_json (~> 1.3)
    diff-lcs (1.2.2)
    domain_name (0.5.13)
      unf (>= 0.0.5, < 1.0.0)
    evernote-thrift (1.25.0)
    evernote_oauth (0.2.1)
      evernote-thrift
      oauth (>= 0.4.1)
    ffi (1.6.0)
    gherkin (2.11.6)
      json (>= 1.7.6)
    gli (2.5.4)
    hashie (2.0.3)
    highline (1.6.19)
    http-cookie (1.0.2)
      domain_name (~> 0.5)
    json (1.7.7)
    mechanize (2.7.2)
      domain_name (~> 0.5, >= 0.5.1)
      http-cookie (~> 1.0.0)
      mime-types (~> 1.17, >= 1.17.2)
      net-http-digest_auth (~> 1.1, >= 1.1.1)
      net-http-persistent (~> 2.5, >= 2.5.2)
      nokogiri (~> 1.4)
      ntlm-http (~> 0.1, >= 0.1.1)
      webrobots (>= 0.0.9, < 0.2)
    mime-types (1.25)
    mini_portile (0.5.1)
    minitest (4.7.0)
    minitest-reporters (0.14.12)
      ansi
      builder
      minitest (>= 2.12, < 5.0)
      powerbar
    multi_json (1.7.2)
    net-http-digest_auth (1.4)
    net-http-persistent (2.9)
    nokogiri (1.6.0)
      mini_portile (~> 0.5.0)
    ntlm-http (0.1.1)
    oauth (0.4.7)
    powerbar (1.0.11)
      ansi (~> 1.4.0)
      hashie (>= 1.1.0)
    rake (10.0.4)
    rdoc (4.0.1)
      json (~> 1.4)
    rspec-expectations (2.13.0)
      diff-lcs (>= 1.1.3, < 2.0)
    unf (0.1.2)
      unf_ext
    unf_ext (0.0.6)
    webrobots (0.1.1)

PLATFORMS
  ruby

DEPENDENCIES
  aruba
  minitest-reporters
  rake
  rdoc
  rnote!
